GEM
  remote: https://rubygems.org/
  specs:
    multi_json (1.8.4)
    rack (1.6.13)
    rack-protection (1.5.5)
      rack
    rollbar (0.12.10)
      multi_json (~> 1.3)
    sinatra (1.4.1)
      rack (~> 1.5, >= 1.5.2)
      rack-protection (~> 1.4)
      tilt (~> 1.3, >= 1.3.4)
    tilt (1.3.6)

PLATFORMS
  ruby

DEPENDENCIES
  rollbar (~> 0.12.10)
  sinatra
